GEM
  remote: http://rubygems.org/
  specs:
    addressable (2.2.6)
    foreman (0.24.0)
      term-ansicolor (~> 1.0.5)
      thor (>= 0.13.6)
    heroku (2.17.0)
      launchy (>= 0.3.2)
      rest-client (~> 1.6.1)
      rubyzip
      term-ansicolor (~> 1.0.5)
    json (1.6.5)
    launchy (2.0.5)
      addressable (~> 2.2.6)
    mime-types (1.17.2)
    multimap (1.1.2)
    rack (1.4.0)
    rack-protection (1.2.0)
      rack
    rack-ssl-enforcer (0.2.4)
    rack_csrf (2.4.0)
      rack (>= 0.9)
    rake (0.9.2.2)
    rest-client (1.6.7)
      mime-types (>= 1.16)
    rubyzip (0.9.4)
    sinatra (1.3.2)
      rack (~> 1.3, >= 1.3.6)
      rack-protection (~> 1.2)
      tilt (~> 1.3, >= 1.3.3)
    stripe (1.6.3)
      rest-client (~> 1.4)
    term-ansicolor (1.0.7)
    thor (0.14.6)
    tilt (1.3.3)

PLATFORMS
  ruby

DEPENDENCIES
  foreman
  heroku
  json
  multimap
  rack-ssl-enforcer
  rack_csrf
  rake
  rest-client
  sinatra
  stripe
