GEM
  remote: http://rubygems.org/
  specs:
    addressable (2.3.2)
    better_errors (1.0.1)
      coderay (>= 1.0.0)
      erubis (>= 2.6.6)
    coderay (1.1.0)
    erubis (2.7.0)
    excon (0.16.1)
    foreman (0.57.0)
      thor (>= 0.13.6)
    heroku (2.30.5)
      heroku-api (~> 0.3.4)
      launchy (>= 0.3.2)
      netrc (~> 0.7.7)
      rest-client (~> 1.6.1)
      rubyzip
    heroku-api (0.3.4)
      excon (~> 0.16.1)
    json (1.7.5)
    launchy (2.1.2)
      addressable (~> 2.3)
    mime-types (1.19)
    multi_json (1.3.6)
    multimap (1.1.2)
    netrc (0.7.7)
    puma (2.7.1)
      rack (>= 1.1, < 2.0)
    rack (1.4.1)
    rack-protection (1.2.0)
      rack
    rack-ssl-enforcer (0.2.4)
    rack_csrf (2.4.0)
      rack (>= 0.9)
    rake (0.9.2.2)
    rest-client (1.6.7)
      mime-types (>= 1.16)
    rubyzip (0.9.9)
    sinatra (1.3.3)
      rack (~> 1.3, >= 1.3.6)
      rack-protection (~> 1.2)
      tilt (~> 1.3, >= 1.3.3)
    stripe (1.7.1)
      multi_json (~> 1.1)
      rest-client (~> 1.4)
    thor (0.16.0)
    tilt (1.3.3)

PLATFORMS
  ruby

DEPENDENCIES
  better_errors
  foreman
  heroku
  json
  multimap
  puma
  rack
  rack-ssl-enforcer
  rack_csrf
  rake
  rest-client
  sinatra
  stripe
